PATH
  remote: .
  specs:
    image_watermark_using_mini_magick (0.0.0)

GEM
  remote: https://rubygems.org/
  specs:
    mini_magick (4.11.0)
    rake (13.0.6)

PLATFORMS
  x86_64-linux

DEPENDENCIES
  image_watermark_using_mini_magick!
  mini_magick (~> 4.11)
  rake (~> 13.0)

BUNDLED WITH
   2.2.22
